GEM
  remote: https://rubygems.org/
  specs:
    activemodel (5.0.0.1)
      activesupport (= 5.0.0.1)
    activesupport (5.0.0.1)
      concurrent-ruby (~> 1.0, >= 1.0.2)
      i18n (~> 0.7)
      minitest (~> 5.1)
      tzinfo (~> 1.1)
    bson (4.2.0)
    concurrent-ruby (1.0.2)
    httparty (0.14.0)
      multi_xml (>= 0.5.2)
    i18n (0.7.0)
    minitest (5.10.1)
    mongo (2.4.0)
      bson (~> 4.2.0)
    mongoid (6.0.3)
      activemodel (~> 5.0)
      mongo (~> 2.3)
    multi_xml (0.6.0)
    rack (1.6.5)
    rack-protection (1.5.3)
      rack
    rack-ssl (1.4.1)
      rack
    sinatra (1.4.7)
      rack (~> 1.5)
      rack-protection (~> 1.4)
      tilt (>= 1.3, < 3)
    thread_safe (0.3.5)
    tilt (2.0.5)
    tzinfo (1.2.2)
      thread_safe (~> 0.1)

PLATFORMS
  ruby

DEPENDENCIES
  httparty
  mongoid
  rack-ssl
  sinatra

RUBY VERSION
   ruby 2.3.1p112

BUNDLED WITH
   1.13.6
